GEM
  remote: https://rubygems.org/
  specs:
    diff-lcs (1.2.5)
    geocoder (1.2.11)
    line-bot-api (0.1.6)
      rack (>= 1.6)
    rack (1.6.4)
    rack-protection (1.5.3)
      rack
    rspec (3.4.0)
      rspec-core (~> 3.4.0)
      rspec-expectations (~> 3.4.0)
      rspec-mocks (~> 3.4.0)
    rspec-core (3.4.4)
      rspec-support (~> 3.4.0)
    rspec-expectations (3.4.0)
      diff-lcs (>= 1.2.0, < 2.0)
      rspec-support (~> 3.4.0)
    rspec-mocks (3.4.1)
      diff-lcs (>= 1.2.0, < 2.0)
      rspec-support (~> 3.4.0)
    rspec-support (3.4.1)
    sinatra (1.4.7)
      rack (~> 1.5)
      rack-protection (~> 1.4)
      tilt (>= 1.3, < 3)
    tilt (2.0.4)

PLATFORMS
  ruby

DEPENDENCIES
  geocoder
  line-bot-api
  rspec
  sinatra (~> 1.4.4)

BUNDLED WITH
   1.12.5
